GEM
  remote: https://rubygems.org/
  specs:
    coffee-script (2.4.1)
      coffee-script-source
      execjs
    coffee-script-source (1.9.1.1)
    crxmake (2.2.0)
      rubyzip (~> 1.1.0)
    execjs (2.6.0)
    haml (4.0.7)
      tilt
    json (1.8.3)
    rake (10.4.2)
    rubyzip (1.1.7)
    sass (3.4.18)
    tilt (2.0.1)
    uglifier (2.7.2)
      execjs (>= 0.3.0)
      json (>= 1.8.0)

PLATFORMS
  ruby

DEPENDENCIES
  coffee-script
  coffee-script-source
  crxmake
  haml
  rake
  sass
  uglifier

BUNDLED WITH
   1.10.6
