GEM
  remote: http://rubygems.org/
  specs:
    crxmake (2.0.7)
      zip (~> 2.0.2)
    execjs (1.4.0)
      multi_json (~> 1.0)
    haml (3.1.7)
    multi_json (1.5.0)
    rake (10.0.3)
    sass (3.2.5)
    uglifier (1.3.0)
      execjs (>= 0.3.0)
      multi_json (~> 1.0, >= 1.0.2)
    zip (2.0.2)

PLATFORMS
  ruby

DEPENDENCIES
  crxmake
  haml
  rake
  sass
  uglifier
