GEM
  remote: https://rubygems.org/
  specs:
    coffee-script (2.4.1)
      coffee-script-source
      execjs
    coffee-script-source (1.12.2)
    execjs (2.7.0)
    extensionator (2.1.5)
      rubyzip (= 1.2.2)
      slop (~> 4.4)
    ffi (1.12.2)
    haml (5.1.2)
      temple (>= 0.8.0)
      tilt
    rake (13.0.1)
    rubyzip (1.2.2)
    sassc (2.3.0)
      ffi (~> 1.9)
    slop (4.8.1)
    temple (0.8.2)
    tilt (2.0.10)
    uglifier (4.2.0)
      execjs (>= 0.3.0, < 3)

PLATFORMS
  ruby

DEPENDENCIES
  coffee-script
  extensionator
  haml
  rake
  sassc
  uglifier

BUNDLED WITH
   2.1.4
