GEM
  remote: https://rubygems.org/
  specs:
    coffee-script (2.4.1)
      coffee-script-source
      execjs
    coffee-script-source (1.12.2)
    crxmake (2.2.0)
      rubyzip (~> 1.1.0)
    execjs (2.7.0)
    ffi (1.9.18)
    haml (5.0.2)
      temple (>= 0.8.0)
      tilt
    rake (12.0.0)
    rb-fsevent (0.10.2)
    rb-inotify (0.9.10)
      ffi (>= 0.5.0, < 2)
    rubyzip (1.1.7)
    sass (3.5.1)
      sass-listen (~> 4.0.0)
    sass-listen (4.0.0)
      rb-fsevent (~> 0.9, >= 0.9.4)
      rb-inotify (~> 0.9, >= 0.9.7)
    temple (0.8.0)
    tilt (2.0.8)
    uglifier (3.2.0)
      execjs (>= 0.3.0, < 3)

PLATFORMS
  ruby

DEPENDENCIES
  coffee-script
  crxmake
  haml
  rake
  sass
  uglifier

BUNDLED WITH
   1.15.4
