GEM
  remote: https://rubygems.org/
  specs:
    coffee-script (2.4.1)
      coffee-script-source
      execjs
    coffee-script-source (1.12.2)
    crxmake (2.2.0)
      rubyzip (~> 1.1.0)
    execjs (2.7.0)
    ffi (1.10.0)
    haml (5.0.4)
      temple (>= 0.8.0)
      tilt
    rake (12.3.3)
    rubyzip (1.1.7)
    sassc (2.0.1)
      ffi (~> 1.9)
      rake
    temple (0.8.1)
    tilt (2.0.9)
    uglifier (4.1.20)
      execjs (>= 0.3.0, < 3)

PLATFORMS
  ruby

DEPENDENCIES
  coffee-script
  crxmake
  haml
  rake
  sassc
  uglifier

BUNDLED WITH
   1.17.2
