GEM
  remote: https://rubygems.org/
  specs:
    coffee-script (2.2.0)
      coffee-script-source
      execjs
    coffee-script-source (1.4.0)
    crxmake (2.0.7)
      zip (~> 2.0.2)
    execjs (1.4.0)
      multi_json (~> 1.0)
    haml (4.0.2)
      tilt
    multi_json (1.7.2)
    rake (10.0.4)
    sass (3.2.7)
    tilt (1.3.7)
    uglifier (2.0.1)
      execjs (>= 0.3.0)
      multi_json (~> 1.0, >= 1.0.2)
    zip (2.0.2)

PLATFORMS
  ruby

DEPENDENCIES
  coffee-script
  coffee-script-source (~> 1.4.0)
  crxmake
  haml
  rake
  sass
  uglifier
