GEM
  remote: https://rubygems.org/
  specs:
    coffee-script (2.2.0)
      coffee-script-source
      execjs
    coffee-script-source (1.7.0)
    crxmake (2.2.0)
      rubyzip (~> 1.1.0)
    execjs (2.0.2)
    haml (4.0.5)
      tilt
    json (1.8.1)
    rake (10.1.1)
    rubyzip (1.1.0)
    sass (3.2.14)
    tilt (2.0.0)
    uglifier (2.4.0)
      execjs (>= 0.3.0)
      json (>= 1.8.0)

PLATFORMS
  ruby

DEPENDENCIES
  coffee-script
  coffee-script-source
  crxmake
  haml
  rake
  sass
  uglifier
